GEM
  remote: https://rubygems.org/
  specs:
    execjs (2.7.0)
    nio4r (2.5.8)
    puma (4.3.9)
      nio4r (~> 2.0)
    redcarpet (3.5.0)
    uglifier (4.2.0)
      execjs (>= 0.3.0, < 3)

PLATFORMS
  ruby

DEPENDENCIES
  puma (~> 4.3)
  redcarpet (~> 3.5)
  uglifier (~> 4.2)

RUBY VERSION
   ruby 2.7.0p0

BUNDLED WITH
   2.1.2
