GEM
  remote: https://rubygems.org/
  specs:
    nio4r (2.5.2)
    puma (4.3.5)
      nio4r (~> 2.0)
    redcarpet (3.5.0)

PLATFORMS
  ruby

DEPENDENCIES
  puma (~> 4.3, >= 4.3.5)
  redcarpet (~> 3.5)

RUBY VERSION
   ruby 2.7.0p0

BUNDLED WITH
   2.1.2
